GEM
  remote: https://rubygems.org/
  specs:
    better_errors (2.8.0)
      coderay (>= 1.0.0)
      erubi (>= 1.0.0)
      rack (>= 0.9.0)
    byebug (11.1.3)
    coderay (1.1.3)
    commander (4.5.2)
      highline (~> 2.0.0)
    database_cleaner (1.8.5)
    diff-lcs (1.4.2)
    erubi (1.10.0)
    event_sourcery (0.24.0)
    event_sourcery-postgres (0.9.1)
      event_sourcery (>= 0.14.0)
      pg
      sequel (>= 4.38)
    highline (2.0.3)
    method_source (1.0.0)
    mustermann (2.0.2)
      ruby2_keywords (~> 0.0.1)
    pg (0.20.0)
    pry (0.13.1)
      coderay (~> 1.1)
      method_source (~> 1.0)
    pry-byebug (3.9.0)
      byebug (~> 11.0)
      pry (~> 0.13.0)
    rack (2.2.6.4)
    rack-protection (2.2.3)
      rack
    rack-test (1.1.0)
      rack (>= 1.0, < 3)
    rake (13.0.1)
    rspec (3.9.0)
      rspec-core (~> 3.9.0)
      rspec-expectations (~> 3.9.0)
      rspec-mocks (~> 3.9.0)
    rspec-core (3.9.2)
      rspec-support (~> 3.9.3)
    rspec-expectations (3.9.2)
      diff-lcs (>= 1.2.0, < 2.0)
      rspec-support (~> 3.9.0)
    rspec-mocks (3.9.1)
      diff-lcs (>= 1.2.0, < 2.0)
      rspec-support (~> 3.9.0)
    rspec-support (3.9.3)
    ruby2_keywords (0.0.5)
    sequel (5.53.0)
    shotgun (0.9.2)
      rack (>= 1.0)
    sinatra (2.2.3)
      mustermann (~> 2.0)
      rack (~> 2.2)
      rack-protection (= 2.2.3)
      tilt (~> 2.0)
    tilt (2.0.11)

PLATFORMS
  ruby

DEPENDENCIES
  better_errors
  commander
  database_cleaner
  event_sourcery
  event_sourcery-postgres
  pg (= 0.20.0)
  pry-byebug
  rack-test
  rake
  rspec
  shotgun
  sinatra

BUNDLED WITH
   2.2.26
